Brain Vision Data Exchange Header File Version 1.0
; Data created by the Vision Recorder

[Common Infos]
Codepage=UTF-8
DataFile=sub-01_ses-01.eeg
MarkerFile=sub-01_ses-01.vmrk
DataFormat=BINARY
; Data orientation: MULTIPLEXED=ch1,pt1, ch2,pt1 ...
DataOrientation=MULTIPLEXED
NumberOfChannels=32
; Sampling interval in microseconds
SamplingInterval=1000

[Binary Infos]
BinaryFormat=INT_16

[Channel Infos]
; Each entry: Ch<Channel number>=<Name>,<Reference channel name>,
; <Resolution in "Unit">,<Unit>, Future extensions..
; Fields are delimited by commas, some fields might be omitted (empty).
; Commas in channel names are coded as "\1".
Ch1=Fz,,0.1,µV
Ch2=F3,,0.1,µV
Ch3=F7,,0.1,µV
Ch4=F9,,0.1,µV
Ch5=FC5,,0.1,µV
Ch6=POz,,0.1,µV
Ch7=C3,,0.1,µV
Ch8=T7,,0.1,µV
Ch9=TP9,,0.1,µV
Ch10=CP5,,0.1,µV
Ch11=P7,,0.1,µV
Ch12=P3,,0.1,µV
Ch13=Pz,,0.1,µV
Ch14=O1,,0.1,µV
Ch15=O2,,0.1,µV
Ch16=P8,,0.1,µV
Ch17=P4,,0.1,µV
Ch18=CP6,,0.1,µV
Ch19=TP10,,0.1,µV
Ch20=T8,,0.1,µV
Ch21=C4,,0.1,µV
Ch22=Oz,,0.1,µV
Ch23=FC6,,0.1,µV
Ch24=F10,,0.1,µV
Ch25=F8,,0.1,µV
Ch26=F4,,0.1,µV
Ch27=VP,,0.1,µV
Ch28=VM,,0.1,µV
Ch29=FC4,,0.1,µV
Ch30=CP4,,0.1,µV
Ch31=FC3,,0.1,µV
Ch32=CP3,,0.1,µV

[Comment]

BrainVision Recorder Professional   -   V. 1.22.0001


A m p l i f i e r  S e t u p
============================
Number of channels: 32
Sampling Rate [Hz]: 1000
Sampling Interval [µS]: 1000

Channels
--------
#     Name      Phys. Chn.    Resolution / Unit   Low Cutoff [s]   High Cutoff [Hz]   Notch [Hz]    Series Res. [kOhm] Gradient         Offset
1     Fz          1                0.1 µV             10             1000              Off                0                 
2     F3          2                0.1 µV             10             1000              Off                0                 
3     F7          3                0.1 µV             10             1000              Off                0                 
4     F9          4                0.1 µV             10             1000              Off                0                 
5     FC5         5                0.1 µV             10             1000              Off                0                 
6     POz         6                0.1 µV             10             1000              Off                0                 
7     C3          7                0.1 µV             10             1000              Off                0                 
8     T7          8                0.1 µV             10             1000              Off                0                 
9     TP9         9                0.1 µV             10             1000              Off                0                 
10    CP5         10               0.1 µV             10             1000              Off                0                 
11    P7          11               0.1 µV             10             1000              Off                0                 
12    P3          12               0.1 µV             10             1000              Off                0                 
13    Pz          13               0.1 µV             10             1000              Off                0                 
14    O1          14               0.1 µV             10             1000              Off                0                 
15    O2          15               0.1 µV             10             1000              Off                0                 
16    P8          16               0.1 µV             10             1000              Off                0                 
17    P4          17               0.1 µV             10             1000              Off                0                 
18    CP6         18               0.1 µV             10             1000              Off                0                 
19    TP10        19               0.1 µV             10             1000              Off                0                 
20    T8          20               0.1 µV             10             1000              Off                0                 
21    C4          21               0.1 µV             10             1000              Off                0                 
22    Oz          22               0.1 µV             10             1000              Off                0                 
23    FC6         23               0.1 µV             10             1000              Off                0                 
24    F10         24               0.1 µV             10             1000              Off                0                 
25    F8          25               0.1 µV             10             1000              Off                0                 
26    F4          26               0.1 µV             10             1000              Off                0                 
27    VP          27               0.1 µV             10             1000              Off                0                 
28    VM          28               0.1 µV             10             1000              Off                0                 
29    FC4         29               0.1 µV             10             1000              Off                0                 
30    CP4         30               0.1 µV             10             1000              Off                0                 
31    FC3         31               0.1 µV             10             1000              Off                0                 
32    CP3         32               0.1 µV             10             1000              Off                0                 

S o f t w a r e  F i l t e r s
==============================
#     Low Cutoff [s]   High Cutoff [Hz]   Notch [Hz]
1      15.9155          250                Off
2      15.9155          250                Off
3      15.9155          250                Off
4      15.9155          250                Off
5      15.9155          250                Off
6      15.9155          250                Off
7      15.9155          250                Off
8      15.9155          250                Off
9      15.9155          250                Off
10     15.9155          250                Off
11     15.9155          250                Off
12     15.9155          250                Off
13     15.9155          250                Off
14     15.9155          250                Off
15     15.9155          250                Off
16     15.9155          250                Off
17     15.9155          250                Off
18     15.9155          250                Off
19     15.9155          250                Off
20     15.9155          250                Off
21     15.9155          250                Off
22     15.9155          250                Off
23     15.9155          250                Off
24     15.9155          250                Off
25     15.9155          250                Off
26     15.9155          250                Off
27     15.9155          250                Off
28     15.9155          250                Off
29     15.9155          250                Off
30     15.9155          250                Off
31     15.9155          250                Off
32     15.9155          250                Off


Test Signal from actiCAP is used.
Impedances Imported from actiCAP Control Software:
Impedance [kOhm] at 12:54:41 :
Fz:       Out of Range!
F3:       Out of Range!
F7:          59
F9:           9
FC5:      Out of Range!
POz:      Out of Range!
C3:       Out of Range!
T7:       Out of Range!
TP9:      Out of Range!
CP5:      Out of Range!
P7:       Out of Range!
P3:       Out of Range!
Pz:       Out of Range!
O1:       Out of Range!
O2:       Out of Range!
P8:       Out of Range!
P4:       Out of Range!
CP6:      Out of Range!
TP10:     Out of Range!
T8:       Out of Range!
C4:         110
Oz:       Out of Range!
FC6:      Out of Range!
F10:         42
F8:       Out of Range!
F4:       Out of Range!
VP:          58
VM:           1
FC4:        151
CP4:      Out of Range!
FC3:      Out of Range!
CP3:         65
Gnd:         99
Ref:      Out of Range!
